PATH
  remote: /Users/dchelimsky/projects/ruby/rspec2/repos/rspec-core
  specs:
    rspec-core (2.0.0.beta.15)

PATH
  remote: /Users/dchelimsky/projects/ruby/rspec2/repos/rspec-expectations
  specs:
    rspec-expectations (2.0.0.beta.15)
      diff-lcs (>= 1.1.2)

PATH
  remote: /Users/dchelimsky/projects/ruby/rspec2/repos/rspec-mocks
  specs:
    rspec-mocks (2.0.0.beta.15)

GEM
  remote: http://rubygems.org/
  specs:
    columnize (0.3.1)
    diff-lcs (1.1.2)
    linecache (0.43)
    ruby-debug (0.10.3)
      columnize (>= 0.1)
      ruby-debug-base (~> 0.10.3.0)
    ruby-debug-base (0.10.3)
      linecache (>= 0.3)

PLATFORMS
  ruby

DEPENDENCIES
  rspec-core!
  rspec-expectations!
  rspec-mocks!
  ruby-debug
